GIT
  remote: https://github.com/eitoball/mecab-ruby.git
  revision: f0cb713a5b69602241de5282037ab112d3f7c25b
  specs:
    mecab-ruby (0.98)

GEM
  remote: http://rubygems.org/
  specs:
    abstract (1.0.0)
    addressable (2.2.4)
    async_sinatra (0.4.0)
      rack (>= 1.2.1)
      sinatra (>= 1.0)
    classifier (1.3.3)
      fast-stemmer (>= 1.0.0)
    daemons (1.1.0)
    data_objects (0.10.2)
      addressable (~> 2.1)
    dm-core (1.0.2)
      addressable (~> 2.2)
      extlib (~> 0.9.15)
    dm-do-adapter (1.0.2)
      data_objects (~> 0.10.2)
      dm-core (~> 1.0.2)
    dm-sqlite-adapter (1.0.2)
      dm-do-adapter (~> 1.0.2)
      do_sqlite3 (~> 0.10.2)
    do_sqlite3 (0.10.2)
      data_objects (= 0.10.2)
    em-http-request (0.3.0)
      addressable (>= 2.0.0)
      escape_utils
      eventmachine (>= 0.12.9)
    erubis (2.6.6)
      abstract (>= 1.0.0)
    escape_utils (0.1.9)
    eventmachine (0.12.10)
    extlib (0.9.15)
    fast-stemmer (1.0.0)
    gsl (1.14.5)
      narray (>= 0.5.9)
    narray (0.5.9.9)
    oauth (0.4.4)
    rack (1.2.1)
    roauth (0.0.3)
    sinatra (1.1.2)
      rack (~> 1.1)
      tilt (~> 1.2)
    thin (1.2.7)
      daemons (>= 1.0.9)
      eventmachine (>= 0.12.6)
      rack (>= 1.0.0)
    tilt (1.2.2)
    twitter-stream (0.1.10)
      eventmachine (>= 0.12.8)
      roauth (>= 0.0.2)

PLATFORMS
  ruby

DEPENDENCIES
  async_sinatra
  classifier
  dm-core
  dm-sqlite-adapter
  em-http-request
  erubis
  eventmachine
  gsl
  mecab-ruby!
  oauth
  rack
  sinatra
  thin
  twitter-stream
