GIT
  remote: https://github.com/mono0x/mecab-ruby.git
  revision: 4403e1b046bdaef25fd02d494d8e958fb339046d
  specs:
    mecab-ruby (0.98)

GEM
  remote: http://rubygems.org/
  specs:
    addressable (2.2.6)
    classifier (1.3.3)
      fast-stemmer (>= 1.0.0)
    data_objects (0.10.7)
      addressable (~> 2.1)
    dm-core (1.2.0)
      addressable (~> 2.2.6)
    dm-do-adapter (1.2.0)
      data_objects (~> 0.10.6)
      dm-core (~> 1.2.0)
    dm-migrations (1.2.0)
      dm-core (~> 1.2.0)
    dm-sqlite-adapter (1.2.0)
      dm-do-adapter (~> 1.2.0)
      do_sqlite3 (~> 0.10.6)
    do_sqlite3 (0.10.7)
      data_objects (= 0.10.7)
    fast-stemmer (1.0.0)
    gsl (1.14.7)
      narray (>= 0.5.9)
    hashie (1.2.0)
    json (1.6.1)
    narray (0.6.0.1)
    oauth (0.4.5)
    rubytter (1.4.2)
      json (>= 1.1.3)
      oauth (>= 0.3.6)
    thor (0.14.6)

PLATFORMS
  ruby

DEPENDENCIES
  classifier
  dm-core
  dm-do-adapter
  dm-migrations
  dm-sqlite-adapter
  gsl
  hashie
  mecab-ruby!
  rubytter
  thor
