GIT
  remote: https://github.com/mono0x/mecab-ruby.git
  revision: 4403e1b046bdaef25fd02d494d8e958fb339046d
  specs:
    mecab-ruby (0.98)

GEM
  remote: http://rubygems.org/
  specs:
    addressable (2.2.6)
    bitly (0.6.2)
      crack (>= 0.1.4)
      httparty (>= 0.7.6)
      oauth2 (>= 0.1.1)
    classifier (1.3.3)
      fast-stemmer (>= 1.0.0)
    crack (0.3.1)
    data_objects (0.10.7)
      addressable (~> 2.1)
    dm-core (1.2.0)
      addressable (~> 2.2.6)
    dm-do-adapter (1.2.0)
      data_objects (~> 0.10.6)
      dm-core (~> 1.2.0)
    dm-migrations (1.2.0)
      dm-core (~> 1.2.0)
    dm-sqlite-adapter (1.2.0)
      dm-do-adapter (~> 1.2.0)
      do_sqlite3 (~> 0.10.6)
    do_sqlite3 (0.10.7)
      data_objects (= 0.10.7)
    faraday (0.7.5)
      addressable (~> 2.2.6)
      multipart-post (~> 1.1.3)
      rack (>= 1.1.0, < 2)
    fast-stemmer (1.0.0)
    hashie (1.2.0)
    httparty (0.8.1)
      multi_json
      multi_xml
    json (1.6.4)
    multi_json (1.0.4)
    multi_xml (0.4.1)
    multipart-post (1.1.4)
    oauth (0.4.5)
    oauth2 (0.5.2)
      faraday (~> 0.7)
      multi_json (~> 1.0)
    rack (1.4.0)
    rubytter (1.4.2)
      json (>= 1.1.3)
      oauth (>= 0.3.6)
    thor (0.14.6)

PLATFORMS
  ruby

DEPENDENCIES
  bitly
  classifier
  dm-core
  dm-do-adapter
  dm-migrations
  dm-sqlite-adapter
  hashie
  mecab-ruby!
  rubytter
  thor
