GIT
  remote: https://github.com/datamapper/dm-core.git
  revision: 25bd9d221d3fc397ec534a3c5e5ef025cdd432eb
  specs:
    dm-core (1.1.1)
      addressable (~> 2.2.4)

GIT
  remote: https://github.com/datamapper/dm-do-adapter.git
  revision: 2b5c4355f7dabf9107f54739f2f9710b03da1da4
  specs:
    dm-do-adapter (1.1.1)
      data_objects (~> 0.10.6)
      dm-core (~> 1.1.1)

GIT
  remote: https://github.com/datamapper/dm-migrations.git
  revision: 3409e9f9c3dc121b68a4b8241b8b55de102e816b
  specs:
    dm-migrations (1.1.1)
      dm-core (~> 1.1.0)

GIT
  remote: https://github.com/datamapper/dm-sqlite-adapter.git
  revision: 8cbb37e5f5acb96054fa65753ce7e3579fdff344
  specs:
    dm-sqlite-adapter (1.1.1)
      dm-do-adapter (~> 1.1.1)
      do_sqlite3 (~> 0.10.6)

GIT
  remote: https://github.com/mono0x/mecab-ruby.git
  revision: 4403e1b046bdaef25fd02d494d8e958fb339046d
  specs:
    mecab-ruby (0.98)

GEM
  remote: http://rubygems.org/
  specs:
    addressable (2.2.6)
    classifier (1.3.3)
      fast-stemmer (>= 1.0.0)
    data_objects (0.10.6)
      addressable (~> 2.1)
    do_sqlite3 (0.10.6)
      data_objects (= 0.10.6)
    fast-stemmer (1.0.0)
    gsl (1.14.7)
      narray (>= 0.5.9)
    hashie (1.0.0)
    json (1.5.3)
    narray (0.5.9.9)
    oauth (0.4.5)
    rubytter (1.4.2)
      json (>= 1.1.3)
      oauth (>= 0.3.6)
    thor (0.14.6)

PLATFORMS
  ruby

DEPENDENCIES
  classifier
  dm-core!
  dm-do-adapter!
  dm-migrations!
  dm-sqlite-adapter!
  gsl
  hashie
  mecab-ruby!
  rubytter
  thor
